GEM
  remote: https://rubygems.org/
  specs:
    nio4r (2.5.9)
    puma (5.2.1)
      nio4r (~> 2.0)
    rack (2.2.10)

PLATFORMS
  ruby

DEPENDENCIES
  puma
  rack
