GEM
  remote: https://rubygems.org/
  specs:
    nio4r (2.5.9)
    puma (4.3.2)
      nio4r (~> 2.0)
    rack (2.2.10)

PLATFORMS
  ruby

DEPENDENCIES
  puma
  rack
